GEM
  remote: https://rubygems.org/
  specs:
    jenkins_api_client (1.4.3)
      json
      mixlib-shellout (>= 1.1.0)
      nokogiri (~> 1.6.0)
      socksify (>= 1.7.0)
      terminal-table (>= 1.4.0)
      thor (>= 0.16.0)
    json (1.8.2)
    mime-types (1.25.1)
    mini_portile2 (2.1.0)
    mixlib-shellout (2.2.6)
    nokogiri (1.6.8)
      mini_portile2 (~> 2.1.0)
      pkg-config (~> 1.1.7)
    pkg-config (1.1.7)
    rack (1.6.0)
    rest-client (1.6.7)
      mime-types (>= 1.16)
    sinatra (1.1.0)
      rack (~> 1.1)
      tilt (~> 1.1)
    slack-notifier (1.1.0)
    socksify (1.7.0)
    terminal-table (1.6.0)
    thor (0.19.1)
    tilt (1.4.1)

PLATFORMS
  ruby

DEPENDENCIES
  jenkins_api_client
  json
  rest-client
  sinatra (= 1.1.0)
  slack-notifier

RUBY VERSION
   ruby 2.0.0p648

BUNDLED WITH
   1.12.5
